GEM
  remote: https://rubygems.org/
  specs:
    minitest (5.14.3)
    mocha (1.12.0)

PLATFORMS
  x86_64-linux

DEPENDENCIES
  minitest
  mocha

BUNDLED WITH
   2.2.6
